PATH
  remote: .
  specs:
    the_path (0.1.0)
      json

GEM
  remote: https://rubygems.org/
  specs:
    faraday (2.7.10)
      faraday-net_http (>= 2.0, < 3.1)
      ruby2_keywords (>= 0.0.4)
    faraday-net_http (3.0.2)
    gibbon (3.5.0)
      faraday (>= 1.0)
      multi_json (>= 1.11.0)
    json (2.3.1)
    minitest (5.11.3)
    multi_json (1.15.0)
    rake (13.0.1)
    ruby2_keywords (0.0.5)

PLATFORMS
  ruby

DEPENDENCIES
  bundler (~> 1.16)
  gibbon
  minitest (~> 5.0)
  rake (~> 13.0)
  the_path!

BUNDLED WITH
   1.16.2
