PATH
  remote: .
  specs:
    the_path (0.1.0)
      json

GEM
  remote: https://rubygems.org/
  specs:
    faraday (0.15.4)
      multipart-post (>= 1.2, < 3)
    gibbon (3.2.0)
      faraday (>= 0.9.1)
      multi_json (>= 1.11.0)
    json (2.1.0)
    minitest (5.11.3)
    multi_json (1.13.1)
    multipart-post (2.0.0)
    rake (10.5.0)

PLATFORMS
  ruby

DEPENDENCIES
  bundler (~> 1.16)
  gibbon
  minitest (~> 5.0)
  rake (~> 10.0)
  the_path!

BUNDLED WITH
   1.16.2
